GEM
  remote: https://rubygems.org/
  specs:
    libv8 (3.11.8.13)
    ref (1.0.2)
    therubyracer (0.11.3)
      libv8 (~> 3.11.8.12)
      ref

PLATFORMS
  ruby

DEPENDENCIES
  therubyracer
